GEM
  remote: https://rubygems.org/
  remote: http://gems.github.com/
  specs:
    daemons (1.1.9)
    eventmachine (1.0.3)
    faraday (0.8.8)
      multipart-post (~> 1.2.0)
    google_drive (0.3.6)
      nokogiri (>= 1.4.4, != 1.5.2, != 1.5.1)
      oauth (>= 0.3.6)
      oauth2 (>= 0.5.0)
    haml (4.0.3)
      tilt
    httpauth (0.2.0)
    jwt (0.1.8)
      multi_json (>= 1.5)
    kramdown (1.2.0)
    kramdown-haml (0.0.3)
      haml
    mini_portile (0.5.1)
    multi_json (1.7.9)
    multi_xml (0.5.5)
    multipart-post (1.2.0)
    nokogiri (1.6.0)
      mini_portile (~> 0.5.0)
    oauth (0.4.7)
    oauth2 (0.9.2)
      faraday (~> 0.8)
      httpauth (~> 0.2)
      jwt (~> 0.1.4)
      multi_json (~> 1.0)
      multi_xml (~> 0.5)
      rack (~> 1.2)
    rack (1.5.2)
    rack-protection (1.5.0)
      rack
    sass (3.2.10)
    sinatra (1.4.3)
      rack (~> 1.4)
      rack-protection (~> 1.4)
      tilt (~> 1.3, >= 1.3.4)
    sinatra-captcha (0.1.0.0)
    thin (1.5.1)
      daemons (>= 1.0.9)
      eventmachine (>= 0.12.6)
      rack (>= 1.0.0)
    tilt (1.4.1)
    zip (2.0.2)

PLATFORMS
  ruby

DEPENDENCIES
  google_drive (= 0.3.6)
  haml (= 4.0.3)
  kramdown (= 1.2.0)
  kramdown-haml (= 0.0.3)
  sass (= 3.2.10)
  sinatra (= 1.4.3)
  sinatra-captcha (= 0.1.0.0)
  thin (= 1.5.1)
  zip (= 2.0.2)
